GEM
  remote: https://rubygems.org/
  specs:
    activemodel (6.1.7.10)
      activesupport (= 6.1.7.10)
    activerecord (6.1.7.10)
      activemodel (= 6.1.7.10)
      activesupport (= 6.1.7.10)
    activesupport (6.1.7.10)
      concurrent-ruby (~> 1.0, >= 1.0.2)
      i18n (>= 1.6, < 2)
      minitest (>= 5.1)
      tzinfo (~> 2.0)
      zeitwerk (~> 2.3)
    bcrypt (3.1.20)
    coderay (1.1.3)
    concurrent-ruby (1.3.4)
    i18n (1.14.6)
      concurrent-ruby (~> 1.0)
    method_source (1.1.0)
    minitest (5.25.4)
    multi_json (1.15.0)
    mustermann (3.0.3)
      ruby2_keywords (~> 0.0.1)
    nio4r (2.7.4)
    pg (1.5.9)
    pry (0.15.0)
      coderay (~> 1.1)
      method_source (~> 1.0)
    puma (6.4.3)
      nio4r (~> 2.0)
    rack (2.2.10)
    rack-protection (3.1.0)
      rack (~> 2.2, >= 2.2.4)
    rack-test (2.1.0)
      rack (>= 1.3)
    rake (13.2.1)
    ruby2_keywords (0.0.5)
    sinatra (3.1.0)
      mustermann (~> 3.0)
      rack (~> 2.2, >= 2.2.4)
      rack-protection (= 3.1.0)
      tilt (~> 2.0)
    sinatra-activerecord (2.0.28)
      activerecord (>= 4.1)
      sinatra (>= 1.0)
    sinatra-contrib (3.1.0)
      multi_json
      mustermann (~> 3.0)
      rack-protection (= 3.1.0)
      sinatra (= 3.1.0)
      tilt (~> 2.0)
    sinatra-rax (1.0.1)
      rack-test (~> 2.0)
    sqlite3 (1.7.3-x86_64-linux)
    tilt (2.4.0)
    tzinfo (2.0.6)
      concurrent-ruby (~> 1.0)
    zeitwerk (2.7.1)

PLATFORMS
  x86_64-linux

DEPENDENCIES
  activerecord (~> 6.1.7)
  activesupport
  bcrypt
  pg (~> 1.5.9)
  pry
  puma (~> 6.4.3)
  rake
  sinatra (~> 3.1.0)
  sinatra-activerecord
  sinatra-contrib
  sinatra-rax
  sqlite3 (~> 1.7.3)

BUNDLED WITH
   2.4.19
